GEM
  remote: https://rubygems.org/
  specs:
    actioncable (7.0.0)
      actionpack (= 7.0.0)
      activesupport (= 7.0.0)
      nio4r (~> 2.0)
      websocket-driver (>= 0.6.1)
    actionmailbox (7.0.0)
      actionpack (= 7.0.0)
      activejob (= 7.0.0)
      activerecord (= 7.0.0)
      activestorage (= 7.0.0)
      activesupport (= 7.0.0)
      mail (>= 2.7.1)
    actionmailer (7.0.0)
      actionpack (= 7.0.0)
      actionview (= 7.0.0)
      activejob (= 7.0.0)
      activesupport (= 7.0.0)
      mail (~> 2.5, >= 2.5.4)
      rails-dom-testing (~> 2.0)
    actionpack (7.0.0)
      actionview (= 7.0.0)
      activesupport (= 7.0.0)
      rack (~> 2.0, >= 2.2.0)
      rack-test (>= 0.6.3)
      rails-dom-testing (~> 2.0)
      rails-html-sanitizer (~> 1.0, >= 1.2.0)
    actiontext (7.0.0)
      actionpack (= 7.0.0)
      activerecord (= 7.0.0)
      activestorage (= 7.0.0)
      activesupport (= 7.0.0)
      globalid (>= 0.6.0)
      nokogiri (>= 1.8.5)
    actionview (7.0.0)
      activesupport (= 7.0.0)
      builder (~> 3.1)
      erubi (~> 1.4)
      rails-dom-testing (~> 2.0)
      rails-html-sanitizer (~> 1.1, >= 1.2.0)
    activejob (7.0.0)
      activesupport (= 7.0.0)
      globalid (>= 0.3.6)
    activemodel (7.0.0)
      activesupport (= 7.0.0)
    activerecord (7.0.0)
      activemodel (= 7.0.0)
      activesupport (= 7.0.0)
    activestorage (7.0.0)
      actionpack (= 7.0.0)
      activejob (= 7.0.0)
      activerecord (= 7.0.0)
      activesupport (= 7.0.0)
      marcel (~> 1.0)
      mini_mime (>= 1.1.0)
    activesupport (7.0.0)
      concurrent-ruby (~> 1.0, >= 1.0.2)
      i18n (>= 1.6, < 2)
      minitest (>= 5.1)
      tzinfo (~> 2.0)
    addressable (2.6.0)
      public_suffix (>= 2.0.2, < 4.0)
    archive-zip (0.12.0)
      io-like (~> 0.3.0)
    autoprefixer-rails (10.4.19.0)
      execjs (~> 2)
    better_errors (2.5.1)
      coderay (>= 1.0.0)
      erubi (>= 1.0.0)
      rack (>= 0.9.0)
    bindex (0.5.0)
    bootsnap (1.4.1)
      msgpack (~> 1.0)
    bootstrap (4.6.2.1)
      autoprefixer-rails (>= 9.1.0)
      popper_js (>= 1.16.1, < 2)
    builder (3.3.0)
    capybara (3.14.0)
      addressable
      mini_mime (>= 0.1.3)
      nokogiri (~> 1.8)
      rack (>= 1.6.0)
      rack-test (>= 0.6.3)
      regexp_parser (~> 1.2)
      xpath (~> 3.2)
    capybara-screenshot (1.0.22)
      capybara (>= 1.0, < 4)
      launchy
    capybara-selenium (0.0.6)
      capybara
      selenium-webdriver
    childprocess (0.9.0)
      ffi (~> 1.0, >= 1.0.11)
    chromedriver-helper (2.1.0)
      archive-zip (~> 0.10)
      nokogiri (~> 1.8)
    coderay (1.1.2)
    coffee-rails (4.2.2)
      coffee-script (>= 2.2.0)
      railties (>= 4.0.0)
    coffee-script (2.4.1)
      coffee-script-source
      execjs
    coffee-script-source (1.12.2)
    concurrent-ruby (1.3.4)
    crass (1.0.6)
    database_cleaner (1.6.1)
    date (3.4.1)
    diff-lcs (1.3)
    domain_name (0.5.20180417)
      unf (>= 0.0.5, < 1.0.0)
    erubi (1.13.0)
    execjs (2.10.0)
    factory_bot (4.8.2)
      activesupport (>= 3.0.0)
    factory_bot_rails (4.8.2)
      factory_bot (~> 4.8.2)
      railties (>= 3.0.0)
    ffi (1.17.0)
    globalid (1.2.1)
      activesupport (>= 6.1)
    http-cookie (1.0.3)
      domain_name (~> 0.5)
    i18n (1.14.6)
      concurrent-ruby (~> 1.0)
    io-like (0.3.0)
    jbuilder (2.8.0)
      activesupport (>= 4.2.0)
      multi_json (>= 1.2)
    jquery-rails (4.3.3)
      rails-dom-testing (>= 1, < 3)
      railties (>= 4.2.0)
      thor (>= 0.14, < 2.0)
    jwt (1.5.6)
    launchy (2.4.3)
      addressable (~> 2.3)
    listen (3.1.5)
      rb-fsevent (~> 0.9, >= 0.9.4)
      rb-inotify (~> 0.9, >= 0.9.7)
      ruby_dep (~> 1.2)
    loofah (2.23.1)
      crass (~> 1.0.2)
      nokogiri (>= 1.12.0)
    mail (2.8.1)
      mini_mime (>= 0.1.1)
      net-imap
      net-pop
      net-smtp
    marcel (1.0.4)
    method_source (0.9.2)
    mime-types (3.2.2)
      mime-types-data (~> 3.2015)
    mime-types-data (3.2018.0812)
    mini_mime (1.1.5)
    mini_portile2 (2.8.8)
    minitest (5.25.4)
    msgpack (1.2.6)
    multi_json (1.13.1)
    net-imap (0.4.18)
      date
      net-protocol
    net-pop (0.1.2)
      net-protocol
    net-protocol (0.2.2)
      timeout
    net-smtp (0.5.0)
      net-protocol
    netrc (0.11.0)
    nio4r (2.7.4)
    nokogiri (1.15.7)
      mini_portile2 (~> 2.8.2)
      racc (~> 1.4)
    pg (1.1.4)
    popper_js (1.16.1)
    pry (0.12.2)
      coderay (~> 1.1.0)
      method_source (~> 0.9.0)
    public_suffix (3.0.3)
    racc (1.8.1)
    rack (2.2.10)
    rack-test (2.1.0)
      rack (>= 1.3)
    rails (7.0.0)
      actioncable (= 7.0.0)
      actionmailbox (= 7.0.0)
      actionmailer (= 7.0.0)
      actionpack (= 7.0.0)
      actiontext (= 7.0.0)
      actionview (= 7.0.0)
      activejob (= 7.0.0)
      activemodel (= 7.0.0)
      activerecord (= 7.0.0)
      activestorage (= 7.0.0)
      activesupport (= 7.0.0)
      bundler (>= 1.15.0)
      railties (= 7.0.0)
    rails-controller-testing (1.0.4)
      actionpack (>= 5.0.1.x)
      actionview (>= 5.0.1.x)
      activesupport (>= 5.0.1.x)
    rails-dom-testing (2.2.0)
      activesupport (>= 5.0.0)
      minitest
      nokogiri (>= 1.6)
    rails-html-sanitizer (1.6.1)
      loofah (~> 2.21)
      nokogiri (>= 1.15.7, != 1.16.7, != 1.16.6, != 1.16.5, != 1.16.4, != 1.16.3, != 1.16.2, != 1.16.1, != 1.16.0.rc1, != 1.16.0)
    railties (7.0.0)
      actionpack (= 7.0.0)
      activesupport (= 7.0.0)
      method_source
      rake (>= 12.2)
      thor (~> 1.0)
      zeitwerk (~> 2.5)
    rake (13.2.1)
    rb-fsevent (0.11.2)
    rb-inotify (0.11.1)
      ffi (~> 1.0)
    regexp_parser (1.3.0)
    rest-client (2.0.2)
      http-cookie (>= 1.0.2, < 2.0)
      mime-types (>= 1.16, < 4.0)
      netrc (~> 0.8)
    rspec (3.8.0)
      rspec-core (~> 3.8.0)
      rspec-expectations (~> 3.8.0)
      rspec-mocks (~> 3.8.0)
    rspec-core (3.8.0)
      rspec-support (~> 3.8.0)
    rspec-expectations (3.8.2)
      diff-lcs (>= 1.2.0, < 2.0)
      rspec-support (~> 3.8.0)
    rspec-mocks (3.8.0)
      diff-lcs (>= 1.2.0, < 2.0)
      rspec-support (~> 3.8.0)
    rspec-rails (3.8.2)
      actionpack (>= 3.0)
      activesupport (>= 3.0)
      railties (>= 3.0)
      rspec-core (~> 3.8.0)
      rspec-expectations (~> 3.8.0)
      rspec-mocks (~> 3.8.0)
      rspec-support (~> 3.8.0)
    rspec-support (3.8.0)
    ruby_dep (1.5.0)
    rubyzip (1.2.2)
    sass-rails (6.0.0)
      sassc-rails (~> 2.1, >= 2.1.1)
    sassc (2.4.0)
      ffi (~> 1.9)
    sassc-rails (2.1.2)
      railties (>= 4.0.0)
      sassc (>= 2.0)
      sprockets (> 3.0)
      sprockets-rails
      tilt
    selenium-webdriver (3.141.0)
      childprocess (~> 0.5)
      rubyzip (~> 1.2, >= 1.2.2)
    settingslogic (2.0.9)
    slim (4.0.1)
      temple (>= 0.7.6, < 0.9)
      tilt (>= 2.0.6, < 2.1)
    spring (2.0.2)
      activesupport (>= 4.2)
    spring-watcher-listen (2.0.1)
      listen (>= 2.7, < 4.0)
      spring (>= 1.2, < 3.0)
    sprockets (4.2.1)
      concurrent-ruby (~> 1.0)
      rack (>= 2.2.4, < 4)
    sprockets-rails (3.5.2)
      actionpack (>= 6.1)
      activesupport (>= 6.1)
      sprockets (>= 3.0.0)
    temple (0.8.0)
    thor (1.3.2)
    tilt (2.0.11)
    timeout (0.4.2)
    tzinfo (2.0.6)
      concurrent-ruby (~> 1.0)
    uglifier (4.1.20)
      execjs (>= 0.3.0, < 3)
    unf (0.1.4)
      unf_ext
    unf_ext (0.0.7.5)
    web-console (3.7.0)
      actionview (>= 5.0)
      activemodel (>= 5.0)
      bindex (>= 0.4.0)
      railties (>= 5.0)
    websocket-driver (0.7.6)
      websocket-extensions (>= 0.1.0)
    websocket-extensions (0.1.5)
    xpath (3.2.0)
      nokogiri (~> 1.8)
    zeitwerk (2.6.18)

PLATFORMS
  ruby

DEPENDENCIES
  autoprefixer-rails
  better_errors
  bootsnap (>= 1.1.0)
  bootstrap (~> 4.6.2, >= 4.6.2.1)
  capybara-screenshot
  capybara-selenium
  chromedriver-helper
  coffee-rails (~> 4.2)
  database_cleaner
  factory_bot_rails
  jbuilder (~> 2.5)
  jquery-rails
  jwt
  listen (>= 3.0.5, < 3.2)
  pg
  pry
  rails (~> 7.0.0.0)
  rails-controller-testing
  rest-client
  rspec
  rspec-rails
  sass-rails (~> 6.0, >= 6.0.0)
  settingslogic
  slim
  spring
  spring-watcher-listen (~> 2.0.0)
  uglifier (>= 1.3.0)
  web-console (>= 3.3.0)

BUNDLED WITH
   1.17.3
